GEM
  remote: https://rubygems.org/
  specs:
    coderay (1.1.3)
    diff-lcs (1.5.1)
    haml (6.3.0)
      temple (>= 0.8.2)
      thor
      tilt
    mini_portile2 (2.8.5)
    nokogiri (1.16.2)
      mini_portile2 (~> 2.8.2)
      racc (~> 1.4)
    racc (1.7.3)
    rake (13.1.0)
    rexml (3.2.6)
    rspec (3.13.0)
      rspec-core (~> 3.13.0)
      rspec-expectations (~> 3.13.0)
      rspec-mocks (~> 3.13.0)
    rspec-core (3.13.0)
      rspec-support (~> 3.13.0)
    rspec-expectations (3.13.0)
      diff-lcs (>= 1.2.0, < 2.0)
      rspec-support (~> 3.13.0)
    rspec-mocks (3.13.0)
      diff-lcs (>= 1.2.0, < 2.0)
      rspec-support (~> 3.13.0)
    rspec-support (3.13.0)
    temple (0.10.3)
    thor (1.3.0)
    tilt (2.3.0)

PLATFORMS
  aarch64-linux
  arm-linux
  arm64-darwin
  ruby
  x86-linux
  x86_64-darwin
  x86_64-linux

DEPENDENCIES
  coderay
  haml
  nokogiri
  rake
  rexml
  rspec
  rspec-mocks

BUNDLED WITH
   2.5.1
